PATH
  remote: .
  specs:
    minitest-stub_any_instance (1.0.2)

GEM
  remote: https://rubygems.org/
  specs:
    minitest (5.8.2)
    rake (13.0.1)

PLATFORMS
  ruby

DEPENDENCIES
  bundler (>= 1.11.2)
  minitest
  minitest-stub_any_instance!
  rake

BUNDLED WITH
   1.16.1
